GEM
  remote: https://rubygems.org/
  specs:
    activemodel (7.0.4.2)
      activesupport (= 7.0.4.2)
    activesupport (7.0.4.2)
      concurrent-ruby (~> 1.0, >= 1.0.2)
      i18n (>= 1.6, < 2)
      minitest (>= 5.1)
      tzinfo (~> 2.0)
    aws-sdk (2.2.26)
      aws-sdk-resources (= 2.2.26)
    aws-sdk-core (2.2.26)
      jmespath (~> 1.0)
    aws-sdk-resources (2.2.26)
      aws-sdk-core (= 2.2.26)
    coderay (1.1.1)
    concurrent-ruby (1.2.0)
    i18n (1.12.0)
      concurrent-ruby (~> 1.0)
    jmespath (1.1.3)
    method_source (0.8.2)
    minitest (5.17.0)
    pry (0.10.3)
      coderay (~> 1.1.0)
      method_source (~> 0.8.1)
      slop (~> 3.4)
    slop (3.6.0)
    tzinfo (2.0.6)
      concurrent-ruby (~> 1.0)

PLATFORMS
  ruby

DEPENDENCIES
  activemodel
  activesupport
  aws-sdk (~> 2)
  pry

BUNDLED WITH
   1.13.6
